PATH
  remote: .
  specs:
    faker (1.4.3)
      i18n (~> 0.5)

GEM
  remote: http://rubygems.org/
  specs:
    i18n (0.6.11)
    power_assert (0.1.3)
    rake (10.3.2)
    test-unit (3.0.1)
      power_assert

PLATFORMS
  ruby

DEPENDENCIES
  faker!
  rake
  test-unit
